PATH
  remote: .
  specs:
    it_cloud_sms (0.0.1)
      phone (= 1.0)

GEM
  remote: http://rubygems.org/
  remote: http://gemcutter.org/
  specs:
    phone (1.0)
    rake (0.8.7)
    rspec (1.3.1)

PLATFORMS
  ruby

DEPENDENCIES
  it_cloud_sms!
  rake (~> 0.8.7)
  rspec (= 1.3.1)
