PATH
  remote: .
  specs:
    it_cloud_sms (0.1.0)
      activesupport
      global_phone (~> 1.0.1)

GEM
  remote: http://rubygems.org/
  remote: http://gemcutter.org/
  specs:
    activesupport (2.3.5)
    global_phone (1.0.1)
    json (1.8.0)
    rake (0.8.7)
    rspec (1.3.1)

PLATFORMS
  ruby

DEPENDENCIES
  it_cloud_sms!
  json
  rake (~> 0.8.7)
  rspec (= 1.3.1)
